GEM
  remote: https://rubygems.org/
  specs:
    csv (3.2.8)
    httparty (0.21.0)
      mini_mime (>= 1.0.0)
      multi_xml (>= 0.5.2)
    json (2.7.1)
    mini_mime (1.1.5)
    multi_xml (0.6.0)
    nokogiri (1.16.0-x64-mingw-ucrt)
      racc (~> 1.4)
    racc (1.7.3)
    rexml (3.2.6)
    rubyzip (2.3.2)
    selenium-webdriver (4.16.0)
      rexml (~> 3.2, >= 3.2.5)
      rubyzip (>= 1.2.2, < 3.0)
      websocket (~> 1.0)
    websocket (1.2.10)

PLATFORMS
  x64-mingw-ucrt

DEPENDENCIES
  csv
  httparty
  json
  nokogiri
  selenium-webdriver

BUNDLED WITH
   2.5.5
